GEM
  remote: https://rubygems.org/
  specs:
    awesome_print (1.8.0)
    highline (1.7.8)
    options (2.3.2)
    progress_bar (1.1.0)
      highline (~> 1.6)
      options (~> 2.3.0)
    text-table (1.2.4)

PLATFORMS
  ruby

DEPENDENCIES
  awesome_print
  progress_bar
  text-table

BUNDLED WITH
   1.16.0.pre.2
