GEM
  remote: https://rubygems.org/
  specs:
    awesome_print (1.8.0)
    codacy-coverage (1.1.8)
      simplecov
    coveralls (0.8.21)
      json (>= 1.8, < 3)
      simplecov (~> 0.14.1)
      term-ansicolor (~> 1.3)
      thor (~> 0.19.4)
      tins (~> 1.6)
    docile (1.1.5)
    highline (1.7.8)
    json (2.1.0)
    multi_json (1.12.2)
    oj (2.12.14)
    options (2.3.2)
    progress_bar (1.1.0)
      highline (~> 1.6)
      options (~> 2.3.0)
    rollbar (2.15.4)
      multi_json
    simplecov (0.14.1)
      docile (~> 1.1.0)
      json (>= 1.8, < 3)
      simplecov-html (~> 0.10.0)
    simplecov-html (0.10.2)
    term-ansicolor (1.6.0)
      tins (~> 1.0)
    text-table (1.2.4)
    thor (0.19.4)
    tins (1.15.0)

PLATFORMS
  ruby

DEPENDENCIES
  awesome_print
  codacy-coverage
  coveralls
  oj (~> 2.12.14)
  progress_bar
  rollbar
  text-table

BUNDLED WITH
   1.16.0.pre.2
